GIT
  remote: http://github.com/cbrunnkvist/paperclip.git
  revision: e90fca516c35d4a34b817c99a5e16c1d500c3091
  specs:
    paperclip (2.3.6)
      activerecord
      activesupport

GEM
  remote: http://rubygems.org/
  specs:
    actionmailer (2.3.5)
      actionpack (= 2.3.5)
    actionpack (2.3.5)
      activesupport (= 2.3.5)
      rack (~> 1.0.0)
    activerecord (2.3.5)
      activesupport (= 2.3.5)
    activeresource (2.3.5)
      activesupport (= 2.3.5)
    activesupport (2.3.5)
    archive-tar-minitar (0.5.2)
    authlogic (2.1.6)
      activesupport
    builder (3.0.0)
    cbrunnkvist-psd_logger (0.1.5)
    ci_reporter (1.6.3)
      builder (>= 2.1.2)
    columnize (0.3.2)
    compass (0.8.17)
      haml (>= 2.2.0)
    cucumber (0.10.0)
      builder (>= 2.1.2)
      diff-lcs (~> 1.1.2)
      gherkin (~> 2.3.2)
      json (~> 1.4.6)
      term-ansicolor (~> 1.0.5)
    cucumber-rails (0.3.2)
      cucumber (>= 0.8.0)
    daemons (1.0.10)
    database_cleaner (0.6.0)
    diff-lcs (1.1.2)
    eventmachine (0.12.10)
    factory_girl (1.3.3)
    formtastic (0.9.10)
      actionpack (>= 2.3.0)
      activesupport (>= 2.3.0)
    gherkin (2.3.3)
      json (~> 1.4.6)
    haml (2.2.24)
    hoe (2.6.2)
      rake (>= 0.8.7)
      rubyforge (>= 2.0.4)
    json (1.4.6)
    json_pure (1.4.6)
    linecache19 (0.5.11)
      ruby_core_source (>= 0.1.4)
    mysql (2.8.1)
    net-ldap (0.1.1)
    nokogiri (1.4.3.1)
    rack (1.0.1)
    rack-test (0.5.6)
      rack (>= 1.0)
    rails (2.3.5)
      actionmailer (= 2.3.5)
      actionpack (= 2.3.5)
      activerecord (= 2.3.5)
      activeresource (= 2.3.5)
      activesupport (= 2.3.5)
      rake (>= 0.8.3)
    rake (0.8.7)
    rspec (1.3.1)
    rspec-rails (1.3.3)
      rack (>= 1.0.0)
      rspec (= 1.3.1)
    ruby-debug-base19 (0.11.24)
      columnize (>= 0.3.1)
      linecache19 (>= 0.5.11)
      ruby_core_source (>= 0.1.4)
    ruby-debug19 (0.11.6)
      columnize (>= 0.3.1)
      linecache19 (>= 0.5.11)
      ruby-debug-base19 (>= 0.11.19)
    ruby_core_source (0.1.4)
      archive-tar-minitar (>= 0.5.2)
    rubyforge (2.0.4)
      json_pure (>= 1.1.7)
    sqlite3 (1.3.3)
    sqlite3-ruby (1.3.3)
      sqlite3 (>= 1.3.3)
    term-ansicolor (1.0.5)
    test-unit (1.2.3)
      hoe (>= 1.5.1)
    thin (1.2.7)
      daemons (>= 1.0.9)
      eventmachine (>= 0.12.6)
      rack (>= 1.0.0)
    webrat (0.7.2)
      nokogiri (>= 1.2.0)
      rack (>= 1.0)
      rack-test (>= 0.5.3)

PLATFORMS
  ruby

DEPENDENCIES
  authlogic
  cbrunnkvist-psd_logger
  ci_reporter
  compass (~> 0.8.0)
  cucumber-rails
  database_cleaner
  factory_girl (~> 1.3.1)
  formtastic (~> 0.9.8)
  haml (~> 2.2.3)
  mysql
  net-ldap
  nokogiri
  paperclip (~> 2.3.0)!
  rails (= 2.3.5)
  rspec-rails (~> 1.3.2)
  ruby-debug19
  sqlite3-ruby
  test-unit (~> 1.2.3)
  thin
  webrat
